GEM
  remote: https://rubygems.org/
  specs:
    clamp (1.3.0)
    colorize (0.8.1)
    concurrent-ruby (1.1.5)
    descriptive-statistics (2.2.0)
    faker (1.9.3)
      i18n (>= 0.7)
    highline (2.0.2)
    i18n (1.6.0)
      concurrent-ruby (~> 1.0)
    mixlib-shellout (2.4.4)
    trollop (2.9.9)

PLATFORMS
  ruby

DEPENDENCIES
  clamp
  colorize
  descriptive-statistics
  faker
  highline
  mixlib-shellout
  trollop

