GEM
  remote: https://rubygems.org/
  specs:
    chef-utils (17.1.35)
      concurrent-ruby
    clamp (1.3.2)
    colorize (0.8.1)
    concurrent-ruby (1.1.8)
    descriptive-statistics (2.2.0)
    faker (2.18.0)
      i18n (>= 1.6, < 2)
    faraday (1.4.2)
      faraday-em_http (~> 1.0)
      faraday-em_synchrony (~> 1.0)
      faraday-excon (~> 1.1)
      faraday-net_http (~> 1.0)
      faraday-net_http_persistent (~> 1.1)
      multipart-post (>= 1.2, < 3)
      ruby2_keywords (>= 0.0.4)
    faraday-em_http (1.0.0)
    faraday-em_synchrony (1.0.0)
    faraday-excon (1.1.0)
    faraday-net_http (1.0.1)
    faraday-net_http_persistent (1.1.0)
    filesize (0.2.0)
    hashie (4.1.0)
    highline (2.0.3)
    i18n (1.8.10)
      concurrent-ruby (~> 1.0)
    inflection (1.0.0)
    mini_mime (1.1.0)
    mini_portile2 (2.6.1)
    mixlib-shellout (3.2.5)
      chef-utils
    multipart-post (2.1.1)
    nokogiri (1.12.4)
      mini_portile2 (~> 2.6.1)
      racc (~> 1.4)
    parslet (2.0.0)
    pastel (0.8.0)
      tty-color (~> 0.5)
    racc (1.5.2)
    ruby2_keywords (0.0.4)
    toml (0.3.0)
      parslet (>= 1.8.0, < 3.0.0)
    trollop (2.9.10)
    tty-color (0.6.0)
    tty-config (0.5.0)
    tty-cursor (0.7.1)
    tty-prompt (0.23.1)
      pastel (~> 0.8)
      tty-reader (~> 0.8)
    tty-reader (0.9.0)
      tty-cursor (~> 0.7)
      tty-screen (~> 0.8)
      wisper (~> 2.0)
    tty-screen (0.8.1)
    wisper (2.0.1)
    zendesk_api (1.29.0)
      faraday (>= 0.9.0, < 2.0.0)
      hashie (>= 3.5.2, < 5.0.0)
      inflection
      mini_mime
      multipart-post (~> 2.0)

PLATFORMS
  ruby

DEPENDENCIES
  clamp
  colorize
  descriptive-statistics
  faker
  filesize
  highline
  mixlib-shellout
  nokogiri
  toml
  trollop
  tty-config
  tty-prompt
  zendesk_api

BUNDLED WITH
   2.2.15
