GEM
  remote: https://rubygems.org/
  specs:
    clamp (1.3.0)
    colorize (0.8.1)
    concurrent-ruby (1.1.5)
    descriptive-statistics (2.2.0)
    faker (1.9.3)
      i18n (>= 0.7)
    faraday (0.15.4)
      multipart-post (>= 1.2, < 3)
    hashie (3.6.0)
    highline (2.0.2)
    i18n (1.6.0)
      concurrent-ruby (~> 1.0)
    inflection (1.0.0)
    mime-types (3.3)
      mime-types-data (~> 3.2015)
    mime-types-data (3.2019.0904)
    mixlib-shellout (2.4.4)
    multipart-post (2.1.1)
    parslet (1.8.2)
    toml (0.2.0)
      parslet (~> 1.8.0)
    trollop (2.9.9)
    tty-config (0.3.2)
    zendesk_api (1.20.0)
      faraday (~> 0.9)
      hashie (>= 3.5.2, < 4.0.0)
      inflection
      mime-types
      multipart-post (~> 2.0)

PLATFORMS
  ruby

DEPENDENCIES
  clamp
  colorize
  descriptive-statistics
  faker
  highline
  mixlib-shellout
  toml
  trollop
  tty-config
  zendesk_api

BUNDLED WITH
   1.17.3
